GEM
  remote: http://rubygems.org/
  specs:
    addressable (2.2.6)
    faraday (0.7.5)
      addressable (~> 2.2.6)
      multipart-post (~> 1.1.3)
      rack (>= 1.1.0, < 2)
    faraday_middleware (0.7.0)
      faraday (~> 0.7.3)
    hashie (1.2.0)
    highline (1.6.2)
    multi_json (1.0.3)
    multipart-post (1.1.3)
    octokit (0.6.5)
      addressable (~> 2.2.6)
      faraday (~> 0.7.4)
      faraday_middleware (~> 0.7.0)
      hashie (~> 1.2.0)
      multi_json (~> 1.0.2)
    rack (1.3.5)

PLATFORMS
  ruby

DEPENDENCIES
  highline
  octokit
